GEM
  remote: https://rubygems.org/
  specs:
    benchmark-ips (2.7.2)

PLATFORMS
  java

DEPENDENCIES
  benchmark-ips

BUNDLED WITH
   2.0.1
